GEM
  remote: http://rubygems.org/
  specs:
    addressable (2.2.5)
    cinch (1.1.2)
    em-http-request (0.3.0)
      addressable (>= 2.0.0)
      escape_utils
      eventmachine (>= 0.12.9)
    escape_utils (0.2.3)
    eventmachine (0.12.10)
    googleajax (1.0.1)
      json (>= 1.0.0)
    json (1.5.1)
    nokogiri (1.4.4)
    pastie-api (0.2.1)
    redis (2.2.0)

PLATFORMS
  ruby

DEPENDENCIES
  cinch (~> 1.1.2)
  em-http-request
  googleajax
  nokogiri
  pastie-api
  redis (~> 2.2.0)
